GEM
  remote: http://rubygems.org/
  specs:
    actionpack (2.3.8)
      activesupport (= 2.3.8)
      rack (~> 1.1.0)
    activesupport (2.3.8)
    factory_girl (1.3.1)
    rack (1.1.0)
    redgreen (1.2.2)
    rspec (1.3.0)

PLATFORMS
  ruby

DEPENDENCIES
  actionpack
  activesupport
  factory_girl
  redgreen
  rspec
